GEM
  remote: https://rubygems.org/
  specs:
    anki (0.0.4)
    mini_portile2 (2.4.0)
    nokogiri (1.10.2)
      mini_portile2 (~> 2.4.0)
    tradsim (0.5.1)

PLATFORMS
  ruby

DEPENDENCIES
  anki (= 0.0.4)
  nokogiri (= 1.10.2)
  tradsim (= 0.5.1)

BUNDLED WITH
   1.17.3
