GEM
  remote: https://rubygems.org/
  specs:
    anki (0.0.3)
    mini_portile2 (2.1.0)
    nokogiri (1.6.8)
      mini_portile2 (~> 2.1.0)
      pkg-config (~> 1.1.7)
    pkg-config (1.1.7)
    tradsim (0.5.1)

PLATFORMS
  ruby

DEPENDENCIES
  anki (= 0.0.3)
  nokogiri (= 1.6.8)
  tradsim (= 0.5.1)

BUNDLED WITH
   1.12.5
